GEM
  specs:
    bson (1.6.2)
    mongo (1.6.2)
      bson (~> 1.6.2)

PLATFORMS
  ruby

DEPENDENCIES
  mongo
